GEM
  remote: https://rubygems.org/
  specs:
    dotenv (2.8.1)
    multi_json (1.15.0)
    mustermann (3.0.0)
      ruby2_keywords (~> 0.0.1)
    nio4r (2.5.8)
    puma (6.2.1)
      nio4r (~> 2.0)
    rack (2.2.6.4)
    rack-protection (3.0.5)
      rack
    ruby2_keywords (0.0.5)
    sinatra (3.0.5)
      mustermann (~> 3.0)
      rack (~> 2.2, >= 2.2.4)
      rack-protection (= 3.0.5)
      tilt (~> 2.0)
    sinatra-contrib (3.0.5)
      multi_json
      mustermann (~> 3.0)
      rack-protection (= 3.0.5)
      sinatra (= 3.0.5)
      tilt (~> 2.0)
    spackle-ruby (0.0.6)
    tilt (2.1.0)

PLATFORMS
  ruby

DEPENDENCIES
  dotenv (~> 2.8)
  puma (~> 6.2)
  sinatra (~> 3.0)
  sinatra-contrib (~> 3.0)
  spackle-ruby (~> 0.0.6)

BUNDLED WITH
   1.17.2
